GEM
  remote: http://rubygems.org/
  specs:
    highline (1.6.15)
    net-scp (1.1.2)
      net-ssh (>= 2.6.5)
    net-ssh (2.7.0)

PLATFORMS
  ruby

DEPENDENCIES
  highline
  net-scp
